PATH
  remote: .
  specs:
    u-service (0.10.0)
      u-attributes (~> 1.1)

GEM
  remote: https://rubygems.org/
  specs:
    docile (1.3.2)
    json (2.2.0)
    minitest (5.11.3)
    rake (10.5.0)
    simplecov (0.17.0)
      docile (~> 1.1)
      json (>= 1.8, < 3)
      simplecov-html (~> 0.10.0)
    simplecov-html (0.10.2)
    u-attributes (1.2.0)

PLATFORMS
  ruby

DEPENDENCIES
  bundler (~> 1.17)
  minitest (~> 5.0)
  rake (~> 10.0)
  simplecov
  u-service!

BUNDLED WITH
   1.17.3
